PATH
  remote: .
  specs:
    git-pivotal (0.8.2)
      builder
      builder
      pivotal-tracker (~> 0.5.1)

GEM
  remote: http://rubygems.org/
  specs:
    aruba (0.4.11)
      childprocess (>= 0.2.3)
      cucumber (>= 1.1.1)
      ffi (>= 1.0.11)
      rspec (>= 2.7.0)
    builder (3.0.0)
    childprocess (0.3.1)
      ffi (~> 1.0.6)
    cucumber (1.1.9)
      builder (>= 2.1.2)
      diff-lcs (>= 1.1.2)
      gherkin (~> 2.9.0)
      json (>= 1.4.6)
      term-ansicolor (>= 1.0.6)
    diff-lcs (1.1.3)
    ffi (1.0.11)
    gherkin (2.9.3)
      json (>= 1.4.6)
    git (1.2.5)
    happymapper (0.4.0)
      libxml-ruby (~> 2.0)
    jeweler (1.8.3)
      bundler (~> 1.0)
      git (>= 1.2.5)
      rake
      rdoc
    json (1.6.6)
    libxml-ruby (2.3.2)
    metaclass (0.0.1)
    mime-types (1.18)
    mocha (0.10.5)
      metaclass (~> 0.0.1)
    multi_json (1.2.0)
    nokogiri (1.5.2)
    pivotal-tracker (0.5.1)
      builder
      builder
      happymapper (>= 0.3.2)
      happymapper (>= 0.3.2)
      nokogiri (>= 1.4.3)
      nokogiri (~> 1.4)
      rest-client (~> 1.6.0)
      rest-client (~> 1.6.0)
    rake (0.9.2.2)
    rdoc (3.12)
      json (~> 1.4)
    rest-client (1.6.7)
      mime-types (>= 1.16)
    rspec (2.9.0)
      rspec-core (~> 2.9.0)
      rspec-expectations (~> 2.9.0)
      rspec-mocks (~> 2.9.0)
    rspec-core (2.9.0)
    rspec-expectations (2.9.0)
      diff-lcs (~> 1.1.3)
    rspec-mocks (2.9.0)
    simplecov (0.6.1)
      multi_json (~> 1.0)
      simplecov-html (~> 0.5.3)
    simplecov-html (0.5.3)
    term-ansicolor (1.0.7)

PLATFORMS
  ruby

DEPENDENCIES
  aruba
  cucumber (~> 1.1.9)
  git-pivotal!
  jeweler
  mocha
  rake
  rspec (~> 2.9.0)
  simplecov
